GEM
  remote: https://rubygems.org/
  specs:
    chunky_png (1.2.9)
    compass (0.12.2)
      chunky_png (~> 1.2)
      fssm (>= 0.2.7)
      sass (~> 3.1)
    dotenv (0.7.0)
    faraday (0.8.8)
      multipart-post (~> 1.2.0)
    faraday_middleware (0.9.0)
      faraday (>= 0.7.4, < 0.9)
    foreman (0.63.0)
      dotenv (>= 0.7)
      thor (>= 0.13.6)
    fssm (0.2.10)
    hashie (2.0.5)
    instapaper (0.3.0)
      faraday_middleware (~> 0.7)
      multi_json (~> 1)
      rash (~> 0.3)
      simple_oauth (~> 0.1)
    multi_json (1.8.2)
    multipart-post (1.2.0)
    rash (0.4.0)
      hashie (~> 2.0.0)
    sass (3.2.13)
    simple_oauth (0.2.0)
    thor (0.18.1)

PLATFORMS
  ruby

DEPENDENCIES
  compass
  foreman
  instapaper
